GEM
  remote: https://rubygems.org/
  specs:
    childprocess (0.5.5)
      ffi (~> 1.0, >= 1.0.11)
    classifier (1.3.4)
      fast-stemmer (>= 1.0.0)
    faraday (0.9.1)
      multipart-post (>= 1.2, < 3)
    fast-stemmer (1.0.2)
    ffi (1.9.6)
    guess_html_encoding (0.0.11)
    htmlentities (4.3.3)
    mini_portile (0.6.2)
    multi_json (1.10.1)
    multipart-post (2.0.0)
    nibbler (1.3.0)
    nokogiri (1.6.6.2)
      mini_portile (~> 0.6.0)
    ruby-readability (0.7.0)
      guess_html_encoding (>= 0.0.4)
      nokogiri (>= 1.6.0)
    rubyzip (1.1.7)
    selenium-webdriver (2.44.0)
      childprocess (~> 0.5)
      multi_json (~> 1.0)
      rubyzip (~> 1.0)
      websocket (~> 1.0)
    simple-rss (1.3.1)
    sqlite3 (1.3.10)
    websocket (1.2.1)

PLATFORMS
  ruby

DEPENDENCIES
  classifier
  faraday
  htmlentities
  nibbler
  ruby-readability
  selenium-webdriver
  simple-rss
  sqlite3
