GEM
  remote: https://rubygems.org/
  specs:
    classifier (1.3.4)
      fast-stemmer (>= 1.0.0)
    faraday (0.9.1)
      multipart-post (>= 1.2, < 3)
    fast-stemmer (1.0.2)
    guess_html_encoding (0.0.11)
    htmlentities (4.3.3)
    mini_portile (0.6.2)
    multipart-post (2.0.0)
    nibbler (1.3.0)
    nokogiri (1.6.6.2)
      mini_portile (~> 0.6.0)
    ruby-readability (0.7.0)
      guess_html_encoding (>= 0.0.4)
      nokogiri (>= 1.6.0)
    simple-rss (1.3.1)
    sqlite3 (1.3.10)

PLATFORMS
  ruby

DEPENDENCIES
  classifier
  faraday
  htmlentities
  nibbler
  ruby-readability
  simple-rss
  sqlite3
