GEM
  remote: https://rubygems.org/
  specs:
    htmlentities (4.3.3)
    sqlite3 (1.3.10)

PLATFORMS
  ruby

DEPENDENCIES
  htmlentities
  sqlite3
